GEM
  remote: https://rubygems.org/
  specs:
    addressable (2.7.0)
      public_suffix (>= 2.0.2, < 5.0)
    down (4.8.1)
      addressable (~> 2.5)
    pkg-config (1.5.5)
    public_suffix (4.0.1)
    rmagick (5.3.0)
      pkg-config (~> 1.4)

PLATFORMS
  ruby

DEPENDENCIES
  down
  rmagick

BUNDLED WITH
   2.0.2
