GEM
  remote: https://rubygems.org/
  specs:
    addressable (2.8.1)
      public_suffix (>= 2.0.2, < 6.0)
    down (4.8.1)
      addressable (~> 2.5)
    public_suffix (5.0.0)
    rmagick (4.0.0)

PLATFORMS
  ruby

DEPENDENCIES
  down
  rmagick

BUNDLED WITH
   2.0.2
